GEM
  remote: https://rubygems.org/
  specs:
    mini_exiftool (2.4.1)

PLATFORMS
  java

DEPENDENCIES
  mini_exiftool
